GEM
  remote: http://rubygems.org/
  specs:
    addressable (2.3.2)
    builder (3.0.0)
    capybara (1.1.2)
      mime-types (>= 1.16)
      nokogiri (>= 1.3.3)
      rack (>= 1.0.0)
      rack-test (>= 0.5.4)
      selenium-webdriver (~> 2.0)
      xpath (~> 0.1.4)
    childprocess (0.3.5)
      ffi (~> 1.0, >= 1.0.6)
    cli (1.1.0)
    cuba (3.1.0)
      rack
    cucumber (1.1.2)
      builder (>= 2.1.2)
      diff-lcs (>= 1.1.2)
      gherkin (~> 2.6.2)
      json (>= 1.4.6)
      term-ansicolor (>= 1.0.6)
    daemon (1.1.0)
    diff-lcs (1.1.3)
    ffi (1.4.0)
    gherkin (2.6.5)
      json (>= 1.4.6)
    git (1.2.5)
    httpclient (2.2.3)
    jeweler (1.6.4)
      bundler (~> 1.0)
      git (>= 1.2.5)
      rake
    json (1.6.1)
    kgio (2.8.0)
    libwebsocket (0.1.5)
      addressable
    mime-types (1.19)
    multi_json (1.7.2)
    nokogiri (1.5.9)
    rack (1.5.2)
    rack-test (0.6.1)
      rack (>= 1.0)
    raindrops (0.11.0)
    rake (0.9.2.2)
    rdoc (3.9.4)
    rmagick (2.13.1)
    rspec (2.13.0)
      rspec-core (~> 2.13.0)
      rspec-expectations (~> 2.13.0)
      rspec-mocks (~> 2.13.0)
    rspec-core (2.13.1)
    rspec-expectations (2.13.0)
      diff-lcs (>= 1.1.3, < 2.0)
    rspec-mocks (2.13.1)
    ruby-ip (0.9.0)
    rubyzip (0.9.9)
    selenium-webdriver (2.25.0)
      childprocess (>= 0.2.5)
      libwebsocket (~> 0.1.3)
      multi_json (~> 1.0)
      rubyzip
    term-ansicolor (1.0.7)
    unicorn (4.6.2)
      kgio (~> 2.6)
      rack
      raindrops (~> 0.7)
    xpath (0.1.4)
      nokogiri (~> 1.3)

PLATFORMS
  ruby

DEPENDENCIES
  bundler (~> 1.2.0)
  capybara (~> 1.1)
  cli (~> 1.1.0)
  cuba (~> 3.0)
  cucumber
  daemon (~> 1)
  httpclient (~> 2.2)
  jeweler (~> 1.6.4)
  rdoc (~> 3.9)
  rmagick (~> 2)
  rspec (~> 2.13)
  rspec-mocks (~> 2.13)
  ruby-ip (~> 0.9)
  unicorn (>= 4.6.2)
