GEM
  remote: http://rubygems.org/
  specs:
    builder (3.2.0)
    capybara (1.1.4)
      mime-types (>= 1.16)
      nokogiri (>= 1.3.3)
      rack (>= 1.0.0)
      rack-test (>= 0.5.4)
      selenium-webdriver (~> 2.0)
      xpath (~> 0.1.4)
    childprocess (0.3.9)
      ffi (~> 1.0, >= 1.0.11)
    cli (1.1.1)
    cuba (3.1.0)
      rack
    cucumber (1.3.1)
      builder (>= 2.1.2)
      diff-lcs (>= 1.1.3)
      gherkin (~> 2.12.0)
      multi_json (~> 1.3)
    daemon (1.1.0)
    diff-lcs (1.2.4)
    facter (1.6.18)
    ffi (1.8.1)
    gherkin (2.12.0)
      multi_json (~> 1.3)
    git (1.2.5)
    httpclient (2.3.3)
    jeweler (1.8.4)
      bundler (~> 1.0)
      git (>= 1.2.5)
      rake
      rdoc
    json (1.7.7)
    kgio (2.8.1)
    mime-types (1.23)
    multi_json (1.7.3)
    multipart-parser (0.1.1)
    nokogiri (1.5.9)
    rack (1.5.2)
    rack-test (0.6.2)
      rack (>= 1.0)
    raindrops (0.12.0)
    rake (10.0.4)
    rdoc (3.12.2)
      json (~> 1.4)
    rmagick (2.13.2)
    rspec (2.13.0)
      rspec-core (~> 2.13.0)
      rspec-expectations (~> 2.13.0)
      rspec-mocks (~> 2.13.0)
    rspec-core (2.13.1)
    rspec-expectations (2.13.0)
      diff-lcs (>= 1.1.3, < 2.0)
    rspec-mocks (2.13.1)
    ruby-ip (0.9.1)
    rubyzip (0.9.9)
    selenium-webdriver (2.32.1)
      childprocess (>= 0.2.5)
      multi_json (~> 1.0)
      rubyzip
      websocket (~> 1.0.4)
    unicorn (4.6.3)
      kgio (~> 2.6)
      rack
      raindrops (~> 0.7)
    unicorn-cuba-base (1.1.0)
      cli (~> 1.1.0)
      cuba (~> 3.0)
      facter (~> 1.6.11)
      raindrops (~> 0.11)
      ruby-ip (~> 0.9)
      unicorn (>= 4.6.2)
    websocket (1.0.7)
    xpath (0.1.4)
      nokogiri (~> 1.3)

PLATFORMS
  ruby

DEPENDENCIES
  capybara (~> 1.1)
  cucumber
  daemon (~> 1.1)
  httpclient (~> 2.3)
  jeweler (~> 1.8.4)
  multipart-parser (~> 0.1.1)
  rdoc (~> 3.9)
  rmagick (~> 2)
  rspec (~> 2.13)
  rspec-mocks (~> 2.13)
  unicorn-cuba-base (~> 1.1)
